PATH
  remote: .
  specs:
    railwayEvents (0.1.0)

GEM
  remote: https://rubygems.org/
  specs:
    haml (4.0.6)
      tilt
    rack (1.6.4)
    rack-protection (1.5.3)
      rack
    rake (10.5.0)
    sinatra (1.4.6)
      rack (~> 1.4)
      rack-protection (~> 1.4)
      tilt (>= 1.3, < 3)
    tilt (2.0.2)

PLATFORMS
  ruby

DEPENDENCIES
  bundler (~> 1.10)
  haml (~> 4.0)
  railwayEvents!
  rake (~> 10.0)
  sinatra (~> 1.4)

BUNDLED WITH
   1.10.5
