PATH
  remote: .
  specs:
    railwayEvents (0.1.0)

GEM
  remote: https://rubygems.org/
  specs:
    feedbag (0.9.5)
      nokogiri (~> 1.0)
    haml (4.0.6)
      tilt
    mini_portile2 (2.0.0)
    nokogiri (1.6.7.2)
      mini_portile2 (~> 2.0.0.rc2)
    rack (1.6.4)
    rack-protection (1.5.3)
      rack
    rake (10.5.0)
    sinatra (1.4.6)
      rack (~> 1.4)
      rack-protection (~> 1.4)
      tilt (>= 1.3, < 3)
    tilt (2.0.2)

PLATFORMS
  ruby

DEPENDENCIES
  bundler (~> 1.10)
  feedbag (~> 0.9)
  haml (~> 4.0)
  railwayEvents!
  rake (~> 10.0)
  sinatra (~> 1.4)

BUNDLED WITH
   1.10.5
